GEM
  remote: https://rubygems.org/
  specs:
    ruby-mysql (2.9.14)

PLATFORMS
  ruby

DEPENDENCIES
  ruby-mysql

BUNDLED WITH
   1.10.6
